GIT
  remote: https://github.com/tslocke/switch_user.git
  revision: 8a16d0e1cc730a9a89621e65cf559a7eb2a5379d
  specs:
    switch_user (0.9.5.1)

GEM
  remote: https://rubygems.org/
  specs:
    actioncable (6.0.4.4)
      actionpack (= 6.0.4.4)
      nio4r (~> 2.0)
      websocket-driver (>= 0.6.1)
    actionmailbox (6.0.4.4)
      actionpack (= 6.0.4.4)
      activejob (= 6.0.4.4)
      activerecord (= 6.0.4.4)
      activestorage (= 6.0.4.4)
      activesupport (= 6.0.4.4)
      mail (>= 2.7.1)
    actionmailer (6.0.4.4)
      actionpack (= 6.0.4.4)
      actionview (= 6.0.4.4)
      activejob (= 6.0.4.4)
      mail (~> 2.5, >= 2.5.4)
      rails-dom-testing (~> 2.0)
    actionpack (6.0.4.4)
      actionview (= 6.0.4.4)
      activesupport (= 6.0.4.4)
      rack (~> 2.0, >= 2.0.8)
      rack-test (>= 0.6.3)
      rails-dom-testing (~> 2.0)
      rails-html-sanitizer (~> 1.0, >= 1.2.0)
    actiontext (6.0.4.4)
      actionpack (= 6.0.4.4)
      activerecord (= 6.0.4.4)
      activestorage (= 6.0.4.4)
      activesupport (= 6.0.4.4)
      nokogiri (>= 1.8.5)
    actionview (6.0.4.4)
      activesupport (= 6.0.4.4)
      builder (~> 3.1)
      erubi (~> 1.4)
      rails-dom-testing (~> 2.0)
      rails-html-sanitizer (~> 1.1, >= 1.2.0)
    activejob (6.0.4.4)
      activesupport (= 6.0.4.4)
      globalid (>= 0.3.6)
    activemodel (6.0.4.4)
      activesupport (= 6.0.4.4)
    activerecord (6.0.4.4)
      activemodel (= 6.0.4.4)
      activesupport (= 6.0.4.4)
    activestorage (6.0.4.4)
      actionpack (= 6.0.4.4)
      activejob (= 6.0.4.4)
      activerecord (= 6.0.4.4)
      marcel (~> 1.0.0)
    activesupport (6.0.4.4)
      concurrent-ruby (~> 1.0, >= 1.0.2)
      i18n (>= 0.7, < 2)
      minitest (~> 5.1)
      tzinfo (~> 1.1)
      zeitwerk (~> 2.2, >= 2.2.2)
    addressable (2.8.0)
      public_suffix (>= 2.0.2, < 5.0)
    array_enum (1.2.0)
      activemodel
    audited (4.9.0)
      activerecord (>= 4.2, < 6.1)
    autoprefixer-rails (10.4.2.0)
      execjs (~> 2)
    autosize (2.4.0.0)
    bcrypt (3.1.13)
    better_errors (2.9.1)
      coderay (>= 1.0.0)
      erubi (>= 1.0.0)
      rack (>= 0.9.0)
    bindex (0.8.1)
    binding_of_caller (0.8.0)
      debug_inspector (>= 0.0.1)
    browser (4.0.0)
    builder (3.2.4)
    byebug (11.1.1)
    capybara (3.31.0)
      addressable
      mini_mime (>= 0.1.3)
      nokogiri (~> 1.8)
      rack (>= 1.6.0)
      rack-test (>= 0.6.3)
      regexp_parser (~> 1.5)
      xpath (~> 3.2)
    carrierwave (1.2.3)
      activemodel (>= 4.0.0)
      activesupport (>= 4.0.0)
      mime-types (>= 1.16)
    carrierwave-google-storage (0.9.0)
      activemodel (>= 3.2.0)
      carrierwave (~> 1.2.0)
      google-cloud-storage (~> 1.10)
    carrierwave-i18n (0.2.0)
    carrierwave-meta (0.0.7)
      activesupport (>= 3.0)
      carrierwave (>= 0.5.7)
      mime-types
    childprocess (3.0.0)
    cloudflare-rails (0.6.0)
      httparty
      rails (>= 5.0, < 6.1.0)
    coderay (1.1.3)
    concurrent-ruby (1.1.9)
    crack (0.4.5)
      rexml
    crass (1.0.6)
    debug_inspector (0.0.3)
    declarative (0.0.20)
    declarative-option (0.1.0)
    devise (4.7.1)
      bcrypt (~> 3.0)
      orm_adapter (~> 0.1)
      railties (>= 4.1.0)
      responders
      warden (~> 1.2.3)
    devise-i18n (1.9.0)
      devise (>= 4.7.1)
    devise_invitable (2.0.1)
      actionmailer (>= 5.0)
      devise (>= 4.6)
    diff-lcs (1.3)
    digest-crc (0.6.3)
      rake (>= 12.0.0, < 14.0.0)
    dotenv (2.7.5)
    dotenv-rails (2.7.5)
      dotenv (= 2.7.5)
      railties (>= 3.2, < 6.1)
    erubi (1.10.0)
    execjs (2.8.1)
    faraday (1.3.0)
      faraday-net_http (~> 1.0)
      multipart-post (>= 1.2, < 3)
      ruby2_keywords
    faraday-net_http (1.0.1)
    fast_stack (0.2.0)
    ffi (1.15.5)
    flamegraph (0.9.5)
    fomantic-ui-sass (2.8.7.1)
      autoprefixer-rails
      rails (>= 3.2.0)
      sassc (>= 2.2)
      sassc-rails (>= 2.1)
      sprockets-rails (>= 2.1.3)
    friendly_id (5.3.0)
      activerecord (>= 4.0.0)
    friendly_id-globalize (1.0.0.alpha3)
      friendly_id (>= 5.2.0, < 6.0)
    gems (1.2.0)
    geocoder (1.6.1)
    globalid (1.0.0)
      activesupport (>= 5.0)
    globalize (5.3.0)
      activemodel (>= 4.2, < 6.1)
      activerecord (>= 4.2, < 6.1)
      request_store (~> 1.0)
    google-api-client (0.53.0)
      google-apis-core (~> 0.1)
      google-apis-generator (~> 0.1)
    google-apis-core (0.3.0)
      addressable (~> 2.5, >= 2.5.1)
      googleauth (~> 0.14)
      httpclient (>= 2.8.1, < 3.0)
      mini_mime (~> 1.0)
      representable (~> 3.0)
      retriable (>= 2.0, < 4.0)
      rexml
      signet (~> 0.14)
      webrick
    google-apis-discovery_v1 (0.2.0)
      google-apis-core (~> 0.1)
    google-apis-generator (0.2.0)
      activesupport (>= 5.0)
      gems (~> 1.2)
      google-apis-core (~> 0.1)
      google-apis-discovery_v1 (~> 0.0)
      thor (>= 0.20, < 2.a)
    google-apis-iamcredentials_v1 (0.3.0)
      google-apis-core (~> 0.1)
    google-apis-storage_v1 (0.3.0)
      google-apis-core (~> 0.1)
    google-cloud-core (1.6.0)
      google-cloud-env (~> 1.0)
      google-cloud-errors (~> 1.0)
    google-cloud-env (1.5.0)
      faraday (>= 0.17.3, < 2.0)
    google-cloud-errors (1.1.0)
    google-cloud-storage (1.31.0)
      addressable (~> 2.5)
      digest-crc (~> 0.4)
      google-apis-iamcredentials_v1 (~> 0.1)
      google-apis-storage_v1 (~> 0.1)
      google-cloud-core (~> 1.2)
      googleauth (~> 0.9)
      mini_mime (~> 1.0)
    google-tag-manager-rails (0.1.3)
      rails (>= 3.0.0)
    googleauth (0.16.1)
      faraday (>= 0.17.3, < 2.0)
      jwt (>= 1.4, < 3.0)
      memoist (~> 0.16)
      multi_json (~> 1.11)
      os (>= 0.9, < 2.0)
      signet (~> 0.14)
    hashdiff (1.0.1)
    httparty (0.18.0)
      mime-types (~> 3.0)
      multi_xml (>= 0.5.2)
    httpclient (2.8.3)
    i18n (1.8.11)
      concurrent-ruby (~> 1.0)
    i18n_data (0.10.0)
    i18n_generators (2.2.2)
      activerecord (>= 3.0.0)
      railties (>= 3.0.0)
    inline_svg (1.7.0)
      activesupport (>= 3.0)
      nokogiri (>= 1.6)
    jquery-rails (4.3.5)
      rails-dom-testing (>= 1, < 3)
      railties (>= 4.2.0)
      thor (>= 0.14, < 2.0)
    jquery-slick-rails (1.9.0)
      railties (>= 3.1)
    json (2.3.0)
    jsonb_accessor (1.0.0)
      activerecord (>= 5.0)
      activesupport (>= 5.0)
      pg (>= 0.18.1)
    jwt (2.2.2)
    kaminari (1.2.1)
      activesupport (>= 4.1.0)
      kaminari-actionview (= 1.2.1)
      kaminari-activerecord (= 1.2.1)
      kaminari-core (= 1.2.1)
    kaminari-actionview (1.2.1)
      actionview
      kaminari-core (= 1.2.1)
    kaminari-activerecord (1.2.1)
      activerecord
      kaminari-core (= 1.2.1)
    kaminari-core (1.2.1)
    kaminari-i18n (0.5.0)
      kaminari
      rails
    launchy (2.5.0)
      addressable (~> 2.7)
    letter_opener (1.7.0)
      launchy (~> 2.2)
    listen (3.2.1)
      rb-fsevent (~> 0.10, >= 0.10.3)
      rb-inotify (~> 0.9, >= 0.9.10)
    lograge (0.11.2)
      actionpack (>= 4)
      activesupport (>= 4)
      railties (>= 4)
      request_store (~> 1.0)
    loofah (2.13.0)
      crass (~> 1.0.2)
      nokogiri (>= 1.5.9)
    mail (2.7.1)
      mini_mime (>= 0.1.1)
    mail_form (1.8.0)
      actionmailer (>= 5.0)
      activemodel (>= 5.0)
    marcel (1.0.2)
    memoist (0.16.2)
    memory_profiler (0.9.14)
    method_source (1.0.0)
    mime-types (3.3.1)
      mime-types-data (~> 3.2015)
    mime-types-data (3.2021.0225)
    mini_magick (4.10.1)
    mini_mime (1.1.2)
    mini_portile2 (2.8.0)
    minitest (5.15.0)
    multi_json (1.15.0)
    multi_xml (0.6.0)
    multipart-post (2.1.1)
    nio4r (2.5.8)
    nokogiri (1.13.3)
      mini_portile2 (~> 2.8.0)
      racc (~> 1.4)
    normalize-rails (4.1.1)
    orm_adapter (0.5.0)
    os (1.1.1)
    pg (1.2.2)
    photoswipe-rails (4.1.2)
    public_suffix (4.0.6)
    puma (5.6.2)
      nio4r (~> 2.0)
    racc (1.6.0)
    rack (2.2.3)
    rack-mini-profiler (2.0.2)
      rack (>= 1.2.0)
    rack-proxy (0.7.0)
      rack
    rack-test (1.1.0)
      rack (>= 1.0, < 3)
    rails (6.0.4.4)
      actioncable (= 6.0.4.4)
      actionmailbox (= 6.0.4.4)
      actionmailer (= 6.0.4.4)
      actionpack (= 6.0.4.4)
      actiontext (= 6.0.4.4)
      actionview (= 6.0.4.4)
      activejob (= 6.0.4.4)
      activemodel (= 6.0.4.4)
      activerecord (= 6.0.4.4)
      activestorage (= 6.0.4.4)
      activesupport (= 6.0.4.4)
      bundler (>= 1.3.0)
      railties (= 6.0.4.4)
      sprockets-rails (>= 2.0.0)
    rails-dom-testing (2.0.3)
      activesupport (>= 4.2.0)
      nokogiri (>= 1.6)
    rails-html-sanitizer (1.4.2)
      loofah (~> 2.3)
    rails-i18n (6.0.0)
      i18n (>= 0.7, < 2)
      railties (>= 6.0.0, < 7)
    rails_real_favicon (0.1.0)
      json (>= 1.7, < 3)
      rails
      rubyzip (~> 2)
    rails_serve_static_assets (0.0.5)
    railties (6.0.4.4)
      actionpack (= 6.0.4.4)
      activesupport (= 6.0.4.4)
      method_source
      rake (>= 0.8.7)
      thor (>= 0.20.3, < 2.0)
    rake (13.0.6)
    rb-fsevent (0.10.3)
    rb-inotify (0.10.1)
      ffi (~> 1.0)
    recaptcha (5.5.0)
      json
    redis (4.2.5)
    regexp_parser (1.7.0)
    regulator (0.1.3)
      activesupport (>= 3.0.0)
    representable (3.0.4)
      declarative (< 0.1.0)
      declarative-option (< 0.2.0)
      uber (< 0.2.0)
    request_store (1.5.0)
      rack (>= 1.4)
    responders (3.0.0)
      actionpack (>= 5.0)
      railties (>= 5.0)
    retriable (3.1.2)
    rexml (3.2.5)
    rollbar (2.24.0)
    route_translator (10.0.0)
      actionpack (>= 5.0.0.1, < 6.2)
      activesupport (>= 5.0.0.1, < 6.2)
      addressable (~> 2.7)
    ruby2_keywords (0.0.4)
    rubyzip (2.2.0)
    sassc (2.4.0)
      ffi (~> 1.9)
    sassc-rails (2.1.2)
      railties (>= 4.0.0)
      sassc (>= 2.0)
      sprockets (> 3.0)
      sprockets-rails
      tilt
    seedbank (0.5.0)
      rake (>= 10.0)
    selenium-webdriver (3.142.7)
      childprocess (>= 0.5, < 4.0)
      rubyzip (>= 1.2.2)
    semantic_range (3.0.0)
    signet (0.15.0)
      addressable (~> 2.3)
      faraday (>= 0.17.3, < 2.0)
      jwt (>= 1.5, < 3.0)
      multi_json (~> 1.10)
    simple_form (5.0.2)
      actionpack (>= 5.0)
      activemodel (>= 5.0)
    sitemap_generator (6.1.2)
      builder (~> 3.0)
    slim (4.0.1)
      temple (>= 0.7.6, < 0.9)
      tilt (>= 2.0.6, < 2.1)
    slim-rails (3.2.0)
      actionpack (>= 3.1)
      railties (>= 3.1)
      slim (>= 3.0, < 5.0)
    sortable-rails (1.7.0)
    sprig (0.3.0)
    spring (2.1.0)
    spring-watcher-listen (2.0.1)
      listen (>= 2.7, < 4.0)
      spring (>= 1.2, < 3.0)
    sprockets (4.0.2)
      concurrent-ruby (~> 1.0)
      rack (> 1, < 3)
    sprockets-rails (3.4.2)
      actionpack (>= 5.2)
      activesupport (>= 5.2)
      sprockets (>= 3.0.0)
    stackprof (0.2.15)
    streamio-ffmpeg (3.0.2)
      multi_json (~> 1.8)
    temple (0.8.2)
    thor (1.2.1)
    thread_safe (0.3.6)
    tilt (2.0.10)
    turbolinks (5.2.1)
      turbolinks-source (~> 5.2)
    turbolinks-source (5.2.0)
    tzinfo (1.2.9)
      thread_safe (~> 0.1)
    uber (0.1.0)
    uglifier (4.2.0)
      execjs (>= 0.3.0, < 3)
    warden (1.2.8)
      rack (>= 2.0.6)
    web-console (4.0.1)
      actionview (>= 6.0.0)
      activemodel (>= 6.0.0)
      bindex (>= 0.4.0)
      railties (>= 6.0.0)
    webdrivers (4.2.0)
      nokogiri (~> 1.6)
      rubyzip (>= 1.3.0)
      selenium-webdriver (>= 3.0, < 4.0)
    webmock (3.13.0)
      addressable (>= 2.3.6)
      crack (>= 0.3.2)
      hashdiff (>= 0.4.0, < 2.0.0)
    webpacker (5.4.0)
      activesupport (>= 5.2)
      rack-proxy (>= 0.6.1)
      railties (>= 5.2)
      semantic_range (>= 2.3.0)
    webrick (1.7.0)
    websocket-driver (0.7.5)
      websocket-extensions (>= 0.1.0)
    websocket-extensions (0.1.5)
    xpath (3.2.0)
      nokogiri (~> 1.8)
    zeitwerk (2.5.3)

PLATFORMS
  ruby

DEPENDENCIES
  array_enum
  audited
  autoprefixer-rails
  autosize
  better_errors
  binding_of_caller
  browser
  byebug
  capybara
  carrierwave
  carrierwave-google-storage
  carrierwave-i18n
  carrierwave-meta
  cloudflare-rails
  devise
  devise-i18n
  devise_invitable
  diff-lcs
  dotenv-rails
  fast_stack
  flamegraph
  fomantic-ui-sass
  friendly_id
  friendly_id-globalize
  geocoder
  globalize
  google-api-client
  google-cloud-storage
  google-tag-manager-rails
  httparty
  i18n_data
  i18n_generators
  inline_svg
  jquery-rails
  jquery-slick-rails
  jsonb_accessor
  kaminari
  kaminari-i18n
  letter_opener
  listen
  lograge
  mail_form
  memory_profiler
  mini_magick
  normalize-rails
  pg
  photoswipe-rails
  puma
  rack-mini-profiler
  rails (~> 6.0.1)
  rails-i18n
  rails_real_favicon
  rails_serve_static_assets
  recaptcha
  redis
  regulator
  rollbar
  route_translator
  sassc-rails
  seedbank
  selenium-webdriver
  simple_form
  sitemap_generator
  slim-rails
  sortable-rails
  sprig
  spring
  spring-watcher-listen
  stackprof
  streamio-ffmpeg
  switch_user!
  turbolinks
  tzinfo-data
  uglifier
  web-console
  webdrivers
  webmock
  webpacker

RUBY VERSION
   ruby 2.7.2p137

BUNDLED WITH
   2.1.4
